GEM
  remote: https://rubygems.org/
  specs:
    colorize (0.8.1)
    ffi (1.15.4)
    io-console (0.5.9)
    irb (1.3.7)
      reline (>= 0.2.7)
    magic (0.2.9)
      ffi (>= 0.6.3)
    ptools (1.4.2)
    reline (0.2.7)
      io-console (~> 0.5)

PLATFORMS
  universal-darwin-20
  x86_64-linux

DEPENDENCIES
  colorize
  irb
  magic
  ptools
  reline

BUNDLED WITH
   2.2.27
